GEM
  remote: https://rubygems.org/
  specs:
    arr-pm (0.0.12)
    backports (3.24.0)
    cabin (0.9.0)
    clamp (1.0.1)
    colorize (0.7.7)
    domain_name (0.5.24)
      unf (>= 0.0.5, < 1.0.0)
    dotenv (2.8.1)
    ffi (1.15.5)
    fpm (1.15.1)
      arr-pm (~> 0.0.11)
      backports (>= 2.6.2)
      cabin (>= 0.6.0)
      clamp (~> 1.0.0)
      pleaserun (~> 0.0.29)
      rexml
      stud
    highline (1.7.3)
    http-cookie (1.0.2)
      domain_name (~> 0.5)
    insist (1.0.0)
    json_pure (1.8.2)
    mime-types (2.6.1)
    mustache (0.99.8)
    netrc (0.10.3)
    package_cloud (0.2.20)
      colorize (~> 0.6)
      highline (~> 1.6)
      json_pure (~> 1.8)
      rest-client (~> 1.6)
      thor (~> 0.18)
    pleaserun (0.0.32)
      cabin (> 0)
      clamp
      dotenv
      insist
      mustache (= 0.99.8)
      stud
    rest-client (1.8.0)
      http-cookie (>= 1.0.2, < 2.0)
      mime-types (>= 1.16, < 3.0)
      netrc (~> 0.7)
    rexml (3.2.5)
    stud (0.0.23)
    thor (0.19.1)
    unf (0.1.4)
      unf_ext
    unf_ext (0.0.7.1)

PLATFORMS
  ruby

DEPENDENCIES
  ffi (>= 1.9.24)
  fpm (~> 1.4, >= 1.4.0)
  package_cloud (~> 0.2)

BUNDLED WITH
   1.17.3
